GEM
  remote: https://rubygems.org/
  specs:
    nio4r (2.7.3)
    puma (6.4.3)
      nio4r (~> 2.0)

PLATFORMS
  aarch64-linux
  aarch64-linux-gnu
  aarch64-linux-musl
  arm-linux
  arm-linux-gnu
  arm-linux-musl
  arm64-darwin
  x86-linux
  x86-linux-gnu
  x86-linux-musl
  x86_64-darwin
  x86_64-linux
  x86_64-linux-gnu
  x86_64-linux-musl

DEPENDENCIES
  puma (~> 6.4)

RUBY VERSION
   ruby 3.3.5p100

BUNDLED WITH
   2.5.22
